PATH
  remote: .
  specs:
    pico_api (0.0.1)
      erb (~> 2.2.3)
      jsonapi-serializer (~> 2.2.0)
      rackup (~> 0.2.2)
      rake (~> 13.0.6)
      roda (~> 3.61.0)
      rom (~> 5.2.6)
      rom-sql (~> 3.5.0)
      zeitwerk (~> 2.6.1)

GEM
  remote: https://rubygems.org/
  specs:
    activesupport (7.0.4)
      concurrent-ruby (~> 1.0, >= 1.0.2)
      i18n (>= 1.6, < 2)
      minitest (>= 5.1)
      tzinfo (~> 2.0)
    cgi (0.3.3)
    coderay (1.1.3)
    concurrent-ruby (1.1.10)
    diff-lcs (1.5.0)
    dry-container (0.11.0)
      concurrent-ruby (~> 1.0)
    dry-core (0.9.1)
      concurrent-ruby (~> 1.0)
      zeitwerk (~> 2.6)
    dry-equalizer (0.3.0)
    dry-inflector (0.3.0)
    dry-initializer (3.1.1)
    dry-logic (1.3.0)
      concurrent-ruby (~> 1.0)
      dry-core (~> 0.9, >= 0.9)
      zeitwerk (~> 2.6)
    dry-struct (1.5.2)
      dry-core (~> 0.9, >= 0.9)
      dry-types (~> 1.6)
      ice_nine (~> 0.11)
      zeitwerk (~> 2.6)
    dry-types (1.6.1)
      concurrent-ruby (~> 1.0)
      dry-container (~> 0.3)
      dry-core (~> 0.9, >= 0.9)
      dry-inflector (~> 0.1, >= 0.1.2)
      dry-logic (~> 1.3, >= 1.3)
      zeitwerk (~> 2.6)
    erb (2.2.3)
      cgi
    i18n (1.12.0)
      concurrent-ruby (~> 1.0)
    ice_nine (0.11.2)
    jsonapi-serializer (2.2.0)
      activesupport (>= 4.2)
    method_source (1.0.0)
    minitest (5.16.3)
    pry (0.14.1)
      coderay (~> 1.1)
      method_source (~> 1.0)
    rack (3.0.0)
    rackup (0.2.2)
      rack (>= 3.0.0.beta1)
      webrick
    rake (13.0.6)
    roda (3.61.0)
      rack
    rom (5.2.6)
      rom-changeset (~> 5.2, >= 5.2.3)
      rom-core (~> 5.2, >= 5.2.5)
      rom-repository (~> 5.2, >= 5.2.2)
    rom-changeset (5.2.3)
      dry-core (~> 0.4)
      rom-core (~> 5.2)
      transproc (~> 1.0, >= 1.1.0)
    rom-core (5.2.6)
      concurrent-ruby (~> 1.1)
      dry-container (~> 0.7)
      dry-core (~> 0.4)
      dry-equalizer (~> 0.2)
      dry-inflector (~> 0.1)
      dry-initializer (~> 3.0, >= 3.0.1)
      dry-struct (~> 1.0)
      dry-types (~> 1.0)
      transproc (~> 1.0, >= 1.1.0)
    rom-repository (5.2.2)
      dry-core (~> 0.4)
      dry-initializer (~> 3.0, >= 3.0.1)
      rom-core (~> 5.2, >= 5.2.2)
    rom-sql (3.5.0)
      dry-core (~> 0.5, >= 0.5)
      dry-types (~> 1.0)
      rom (~> 5.2, >= 5.2.1)
      sequel (>= 4.49)
    rspec (3.12.0)
      rspec-core (~> 3.12.0)
      rspec-expectations (~> 3.12.0)
      rspec-mocks (~> 3.12.0)
    rspec-core (3.12.0)
      rspec-support (~> 3.12.0)
    rspec-expectations (3.12.0)
      diff-lcs (>= 1.2.0, < 2.0)
      rspec-support (~> 3.12.0)
    rspec-mocks (3.12.0)
      diff-lcs (>= 1.2.0, < 2.0)
      rspec-support (~> 3.12.0)
    rspec-support (3.12.0)
    sequel (5.62.0)
    transproc (1.1.1)
    tzinfo (2.0.5)
      concurrent-ruby (~> 1.0)
    webrick (1.7.0)
    zeitwerk (2.6.4)

PLATFORMS
  ruby

DEPENDENCIES
  pico_api!
  pry
  rspec (~> 3)

BUNDLED WITH
   2.1.4
